PATH
  remote: .
  specs:
    ironment (0.0.1)

GEM
  remote: https://rubygems.org/
  specs:
    fakefs (0.6.7)
    minitest (5.5.1)
    rake (10.4.2)

PLATFORMS
  ruby

DEPENDENCIES
  fakefs
  ironment!
  minitest
  rake
